PATH
  remote: .
  specs:
    referehencible (0.1.0)

GEM
  remote: https://rubygems.org/
  specs:

PLATFORMS
  ruby

DEPENDENCIES
  referehencible!
