PATH
  remote: .
  specs:
    referehencible (1.1.1)

GEM
  remote: https://rubygems.org/
  specs:
    chamber (2.8.0)
      hashie (~> 3.3)
      thor (~> 0.19.1)
    diff-lcs (1.2.5)
    fuubar (2.1.0.beta2)
      rspec (~> 3.0, <= 3.5.0.beta9)
      ruby-progressbar (~> 1.4)
    hashie (3.4.0)
    rspec (3.4.0)
      rspec-core (~> 3.4.0)
      rspec-expectations (~> 3.4.0)
      rspec-mocks (~> 3.4.0)
    rspec-core (3.4.4)
      rspec-support (~> 3.4.0)
    rspec-expectations (3.4.0)
      diff-lcs (>= 1.2.0, < 2.0)
      rspec-support (~> 3.4.0)
    rspec-mocks (3.4.1)
      diff-lcs (>= 1.2.0, < 2.0)
      rspec-support (~> 3.4.0)
    rspec-support (3.4.1)
    rspectacular (0.45.0)
      fuubar (~> 2.0.beta)
      rspec (~> 3.0.beta)
    ruby-progressbar (1.8.0)
    thor (0.19.1)

PLATFORMS
  ruby

DEPENDENCIES
  chamber
  referehencible!
  rspec (~> 3.0)
  rspectacular (~> 0.45.0)

BUNDLED WITH
   1.11.2
